GEM
  remote: https://rubygems.org/
  specs:
    builder (3.2.4)
    faraday (1.0.1)
      multipart-post (>= 1.2, < 3)
    geminabox (1.4.1)
      builder
      faraday
      httpclient (>= 2.2.7)
      nesty
      reentrant_flock
      rss
      sinatra (>= 1.2.7)
    httpclient (2.8.3)
    multipart-post (2.1.1)
    mustermann (1.1.1)
      ruby2_keywords (~> 0.0.1)
    nesty (1.0.2)
    rack (2.2.3)
    rack-protection (2.1.0)
      rack
    reentrant_flock (0.1.1)
    rexml (3.2.5)
    rss (0.2.9)
      rexml
    ruby2_keywords (0.0.5)
    sinatra (2.1.0)
      mustermann (~> 1.0)
      rack (~> 2.2)
      rack-protection (= 2.1.0)
      tilt (~> 2.0)
    tilt (2.0.10)

PLATFORMS
  ruby

DEPENDENCIES
  geminabox (= 1.4.1)

BUNDLED WITH
   1.17.3
